REDIRECTS: ON
FRAMEWORK: NET45
NUGET
  remote: https://www.nuget.org/api/v2
    Argu (3.3)
    FsCheck (2.9)
      FSharp.Core (>= 4.1)
    FSharp.Compiler.Service (5.0)
    FSharp.Core (4.1.17)
      System.ValueTuple (>= 4.3)
    FsPickler (3.3)
    FsPickler.Json (3.3)
      FsPickler (3.3)
      Newtonsoft.Json (>= 6.0.5)
    MathNet.Numerics (3.7.1)
    MathNet.Numerics.FSharp (3.7.1)
      FSharp.Core (>= 3.1.2.1)
      MathNet.Numerics (3.7.1)
    MathNet.Numerics.MKL.Win-x64 (1.8)
      MathNet.Numerics (>= 2.4)
    Mono.Cecil (0.9.6.4)
    Newtonsoft.Json (10.0.2)
    NUnit (2.6.4)
    NUnit.Runners (2.6.4)
    Streams (0.4.1)
    Streams.CSharp (0.4.1)
      Streams (0.4.1)
    System.Collections.Immutable (1.2)
    System.Reflection.Metadata (1.4.1-beta-24430-01)
      System.Collections.Immutable (>= 1.2)
    System.Runtime.Loader (4.3)
    System.ValueTuple (4.3.1)
    Thespian (0.1.12-alpha)
      FsPickler (>= 3.0)
    Unquote (3.2)
    Vagabond (0.14)
      FsPickler (>= 3.0 < 4.0)
      Mono.Cecil (>= 0.9.6.3 < 0.9.7)

GROUP Build
REDIRECTS: ON
FRAMEWORK: NET45
NUGET
  remote: https://www.nuget.org/api/v2
    FAKE (4.61.3)
    NuGet.CommandLine (4.1)
    Octokit (0.24)
    SourceLink.Fake (1.1)
GITHUB
  remote: fsharp/FAKE
    modules/Octokit/Octokit.fsx (ad65548e62c35ad64ad1f9db6f5768330bc06594)
      Octokit (>= 0.20)